GEM
  remote: http://rubygems.org/
  specs:
    addressable (2.2.6)
    builder (3.0.0)
    callsite (0.0.11)
    heroku (2.14.0)
      launchy (>= 0.3.2)
      rest-client (~> 1.6.1)
      rubyzip
      term-ansicolor (~> 1.0.5)
    json (1.6.1)
    jwt (0.1.4)
      json (>= 1.2.4)
    launchy (2.0.5)
      addressable (~> 2.2.6)
    mime-types (1.17.2)
    multi_json (1.0.3)
    nokogiri (1.5.0)
    rack (1.3.5)
    renee (0.3.2)
      renee-core (= 0.3.2)
      renee-render (= 0.3.2)
    renee-core (0.3.2)
      rack (~> 1.3.0)
    renee-render (0.3.2)
      callsite (~> 0.0.6)
      rack (~> 1.3.0)
      renee-core (= 0.3.2)
      tilt (~> 1.3.3)
    rest-client (1.6.7)
      mime-types (>= 1.16)
    rubyzip (0.9.4)
    shotgun (0.9)
      rack (>= 1.0)
    term-ansicolor (1.0.7)
    tilt (1.3.3)
    twilio-ruby (3.4.2)
      builder (>= 2.1.2)
      jwt (>= 0.1.2)
      multi_json (>= 1.0.3)
    yajl-ruby (1.1.0)

PLATFORMS
  ruby

DEPENDENCIES
  heroku
  nokogiri
  renee
  rest-client
  shotgun
  twilio-ruby
  yajl-ruby
